PATH
  remote: .
  specs:
    fatsecret-omniauth (0.0.1)
      multi_json
      omniauth-oauth (~> 1.0)

GEM
  remote: http://rubygems.org/
  specs:
    diff-lcs (1.2.4)
    hashie (2.0.5)
    multi_json (1.7.8)
    oauth (0.4.7)
    omniauth (1.1.4)
      hashie (>= 1.2, < 3)
      rack
    omniauth-oauth (1.0.1)
      oauth
      omniauth (~> 1.0)
    rack (1.5.2)
    rspec (2.14.1)
      rspec-core (~> 2.14.0)
      rspec-expectations (~> 2.14.0)
      rspec-mocks (~> 2.14.0)
    rspec-core (2.14.4)
    rspec-expectations (2.14.1)
      diff-lcs (>= 1.1.3, < 2.0)
    rspec-mocks (2.14.3)

PLATFORMS
  ruby

DEPENDENCIES
  fatsecret-omniauth!
  rspec
